GEM
  remote: http://rubygems.org/
  specs:
    test-unit (2.4.0)

PLATFORMS
  ruby

DEPENDENCIES
  test-unit
